GEM
  remote: https://rubygems.org/
  specs:
    parallel (1.26.3)

PLATFORMS
  arm64-darwin-24
  ruby

DEPENDENCIES
  parallel

BUNDLED WITH
   2.5.22
